GIT
  remote: git://github.com/emilebosch/graphql-ruby.git
  revision: 4f8f828894ccea0ddc8161ea55e1c6d81e37c1f2
  branch: implement-schema-extend-keyword
  specs:
    graphql (1.9.7)

GEM
  remote: https://rubygems.org/
  specs:
    byebug (11.0.1)
    mustermann (1.0.3)
    rack (2.0.7)
    rack-contrib (2.1.0)
      rack (~> 2.0)
    rack-graphiql (0.1.1)
    rack-protection (2.0.5)
      rack
    sinatra (2.0.5)
      mustermann (~> 1.0)
      rack (~> 2.0)
      rack-protection (= 2.0.5)
      tilt (~> 2.0)
    tilt (2.0.9)

PLATFORMS
  ruby

DEPENDENCIES
  byebug
  graphql!
  rack-contrib
  rack-graphiql
  sinatra

BUNDLED WITH
   2.0.1
