GIT
  remote: https://github.com/emilebosch/graphql-ruby.git
  revision: c423f584d67d181a79940ab542d221cc6c7ac4b7
  branch: implement-schema-extend-keyword
  specs:
    graphql (1.9.7)

GEM
  remote: https://rubygems.org/
  specs:
    byebug (11.0.1)
    mustermann (1.1.1)
      ruby2_keywords (~> 0.0.1)
    rack (2.2.3)
    rack-contrib (2.1.0)
      rack (~> 2.0)
    rack-graphiql (0.1.1)
    rack-protection (2.2.0)
      rack
    ruby2_keywords (0.0.5)
    sinatra (2.2.0)
      mustermann (~> 1.0)
      rack (~> 2.2)
      rack-protection (= 2.2.0)
      tilt (~> 2.0)
    tilt (2.0.10)

PLATFORMS
  ruby

DEPENDENCIES
  byebug
  graphql!
  rack-contrib
  rack-graphiql
  sinatra

BUNDLED WITH
   2.0.1
